GEM
  remote: https://rubygems.org/
  specs:
    rack (2.2.3.1)

PLATFORMS
  x86_64-darwin-20

DEPENDENCIES
  rack

BUNDLED WITH
   2.3.15
